GEM
  remote: https://rubygems.org/
  specs:
    annoy (0.5.6)
      highline (>= 1.5.0)
    attic (1.0.1)
      rake (~> 13.0.6)
    concurrent-ruby (1.3.3)
    connection_pool (2.4.1)
    drydock (0.6.9)
    et-orbi (1.2.11)
      tzinfo
    familia (0.9.3)
      gibbler (~> 1.0.0)
      multi_json (~> 1.15)
      redis (>= 4.8, < 7)
      storable (~> 0.10.0)
      uri-redis (>= 1.0.0)
    fugit (1.11.0)
      et-orbi (~> 1, >= 1.2.11)
      raabro (~> 1.4)
    gibbler (1.0.0)
      attic (~> 1.0)
      rake (~> 13.0)
    highline (2.1.0)
    multi_json (1.15.0)
    raabro (1.4.0)
    rake (13.0.6)
    redis (5.2.0)
      redis-client (>= 0.22.0)
    redis-client (0.22.2)
      connection_pool
    rufus-scheduler (3.9.1)
      fugit (~> 1.1, >= 1.1.6)
    storable (0.10.0)
    sysinfo (0.10.0)
      drydock (< 1.0)
      storable (~> 0.10)
    tryouts (2.2.0)
      sysinfo (~> 0.10)
    tzinfo (2.0.6)
      concurrent-ruby (~> 1.0)
    uri-redis (1.3.0)

PLATFORMS
  arm64-darwin-22
  ruby

DEPENDENCIES
  annoy (>= 0.5.6)
  familia (>= 0.9.3)
  rake
  rufus-scheduler
  sysinfo (>= 0.10.0)
  tryouts

BUNDLED WITH
   2.4.12
